GEM
  remote: https://rubygems.org/
  specs:
    aws-eventstream (1.1.1)
    aws-kclrb (2.0.0)
      multi_json (~> 1.0)
    aws-partitions (1.449.0)
    aws-sdk-core (3.114.0)
      aws-eventstream (~> 1, >= 1.0.2)
      aws-partitions (~> 1, >= 1.239.0)
      aws-sigv4 (~> 1.1)
      jmespath (~> 1.0)
    aws-sdk-kafka (1.35.0)
      aws-sdk-core (~> 3, >= 3.112.0)
      aws-sigv4 (~> 1.1)
    aws-sigv4 (1.2.3)
      aws-eventstream (~> 1, >= 1.0.2)
    byebug (11.1.3)
    digest-crc (0.6.3)
      rake (>= 12.0.0, < 14.0.0)
    jmespath (1.4.0)
    multi_json (1.15.0)
    rake (13.0.3)
    rexml (3.2.5)
    ruby-kafka (1.3.0)
      digest-crc

PLATFORMS
  ruby

DEPENDENCIES
  aws-kclrb (~> 2.0)
  aws-sdk-kafka (~> 1.35)
  byebug
  rexml (~> 3.2)
  ruby-kafka (~> 1.3)

BUNDLED WITH
   2.2.15
